GEM
  remote: http://rubygems.org/
  specs:
    chunky_png (1.2.7)
    classifier (1.3.3)
      fast-stemmer (>= 1.0.0)
    colorator (0.1)
    commander (4.1.3)
      highline (~> 1.6.11)
    compass (0.12.2)
      chunky_png (~> 1.2)
      fssm (>= 0.2.7)
      sass (~> 3.1)
    directory_watcher (1.4.1)
    execjs (2.0.2)
    fast-stemmer (1.0.2)
    foreman (0.60.2)
      thor (>= 0.13.6)
    fssm (0.2.9)
    highline (1.6.18)
    hike (1.2.3)
    jekyll (1.0.0)
      classifier (~> 1.3)
      colorator (~> 0.1)
      commander (~> 4.1.3)
      directory_watcher (~> 1.4.1)
      kramdown (~> 0.14)
      liquid (~> 2.3)
      maruku (~> 0.5)
      pygments.rb (~> 0.4.2)
      safe_yaml (~> 0.7.0)
    jekyll-assets (0.7.8)
      jekyll (>= 1.0.0, < 3.0.0)
      sass
      sprockets (~> 2.10)
    json (1.8.1)
    kramdown (0.14.2)
    liquid (2.5.0)
    maruku (0.6.1)
      syntax (>= 1.0.0)
    multi_json (1.9.2)
    posix-spawn (0.3.6)
    pygments.rb (0.4.2)
      posix-spawn (~> 0.3.6)
      yajl-ruby (~> 1.1.0)
    rack (1.5.2)
    safe_yaml (0.7.1)
    sass (3.2.5)
    sprockets (2.12.0)
      hike (~> 1.2)
      multi_json (~> 1.0)
      rack (~> 1.0)
      tilt (~> 1.1, != 1.3.0)
    susy (1.0.5)
      compass (>= 0.12.2)
      sass (>= 3.2.0)
    syntax (1.0.0)
    thor (0.16.0)
    tilt (1.4.1)
    uglifier (2.5.0)
      execjs (>= 0.3.0)
      json (>= 1.8.0)
    yajl-ruby (1.1.0)

PLATFORMS
  ruby

DEPENDENCIES
  compass (>= 0.12.2)
  foreman
  jekyll
  jekyll-assets
  sass (>= 3.2.4)
  sprockets
  susy (>= 1.0.5)
  uglifier
